PATH
  remote: .
  specs:
    mccloud (0.0.1a)
      cucumber (= 0.8.5)
      fog
      highline (~> 1.6.1)
      net-ssh (~> 2.1.0)
      popen4 (~> 0.1.2)
      progressbar
      templater
      thor (~> 0.14.6)

GEM
  remote: http://rubygems.org/
  specs:
    Platform (0.4.0)
    builder (2.1.2)
    cucumber (0.8.5)
      builder (~> 2.1.2)
      diff-lcs (~> 1.1.2)
      gherkin (~> 2.1.4)
      json_pure (~> 1.4.3)
      term-ansicolor (~> 1.0.4)
    diff-lcs (1.1.2)
    excon (0.5.6)
    extlib (0.9.15)
    fog (0.7.0)
      builder
      excon (>= 0.5.5)
      formatador (>= 0.1.1)
      json
      mime-types
      net-ssh (>= 2.0.23)
      nokogiri (>= 1.4.4)
      ruby-hmac
    formatador (0.1.1)
    gherkin (2.1.5)
      trollop (~> 1.16.2)
    highline (1.6.1)
    json (1.5.1)
    json_pure (1.4.6)
    mime-types (1.16)
    net-ssh (2.1.3)
    nokogiri (1.4.4)
    open4 (1.0.1)
    popen4 (0.1.2)
      Platform (>= 0.4.0)
      open4 (>= 0.4.0)
    progressbar (0.9.0)
    ruby-hmac (0.4.0)
    templater (1.0.0)
      diff-lcs (>= 1.1.2)
      extlib (>= 0.9.5)
      highline (>= 1.4.0)
    term-ansicolor (1.0.5)
    thor (0.14.6)
    trollop (1.16.2)

PLATFORMS
  ruby

DEPENDENCIES
  mccloud!
