PATH
  remote: .
  specs:
    mccloud (0.0.13)
      ansi
      fog (~> 1.0.0)
      highline (~> 1.6.1)
      json
      net-scp
      net-ssh (~> 2.1.0)
      net-ssh-multi
      popen4 (~> 0.1.2)
      rake (~> 0.8.1)
      thor (~> 0.14.6)

GEM
  remote: http://rubygems.org/
  specs:
    Platform (0.4.0)
    ansi (1.3.0)
    builder (3.0.0)
    excon (0.7.3)
    fog (1.0.0)
      builder
      excon (~> 0.7.3)
      formatador (~> 0.2.0)
      mime-types
      multi_json (~> 1.0.3)
      net-scp (~> 1.0.4)
      net-ssh (~> 2.1.4)
      nokogiri (~> 1.5.0)
      ruby-hmac
    formatador (0.2.1)
    highline (1.6.2)
    json (1.6.1)
    mime-types (1.16)
    multi_json (1.0.3)
    net-scp (1.0.4)
      net-ssh (>= 1.99.1)
    net-ssh (2.1.4)
    net-ssh-gateway (1.1.0)
      net-ssh (>= 1.99.1)
    net-ssh-multi (1.1)
      net-ssh (>= 2.1.4)
      net-ssh-gateway (>= 0.99.0)
    nokogiri (1.5.0)
    open4 (1.1.0)
    popen4 (0.1.2)
      Platform (>= 0.4.0)
      open4 (>= 0.4.0)
    rake (0.8.7)
    ruby-hmac (0.4.0)
    thor (0.14.6)

PLATFORMS
  ruby

DEPENDENCIES
  mccloud!
  rake
