PATH
  remote: .
  specs:
    mccloud (0.0.4)
      fog
      highline (~> 1.6.1)
      json
      net-scp
      net-ssh (~> 2.1.0)
      net-ssh-multi
      popen4 (~> 0.1.2)
      thor (~> 0.14.6)

GEM
  remote: http://rubygems.org/
  specs:
    Platform (0.4.0)
    builder (3.0.0)
    excon (0.6.1)
    fog (0.7.2)
      builder
      excon (>= 0.6.1)
      formatador (>= 0.1.3)
      json
      mime-types
      net-ssh (>= 2.1.3)
      nokogiri (>= 1.4.4)
      ruby-hmac
    formatador (0.1.3)
    highline (1.6.1)
    json (1.5.1)
    mime-types (1.16)
    net-scp (1.0.4)
      net-ssh (>= 1.99.1)
    net-ssh (2.1.4)
    net-ssh-gateway (1.0.1)
      net-ssh (>= 1.99.1)
    net-ssh-multi (1.1)
      net-ssh (>= 2.1.4)
      net-ssh-gateway (>= 0.99.0)
    nokogiri (1.4.4)
    open4 (1.0.1)
    popen4 (0.1.2)
      Platform (>= 0.4.0)
      open4 (>= 0.4.0)
    ruby-hmac (0.4.0)
    thor (0.14.6)

PLATFORMS
  ruby

DEPENDENCIES
  mccloud!
